PATH
  remote: .
  specs:
    knod (0.9.0)

GEM
  remote: https://rubygems.org/
  specs:
    minitest (5.8.4)
    rake (10.3.1)

PLATFORMS
  ruby

DEPENDENCIES
  knod!
  minitest (~> 5)
  rake (~> 10)

BUNDLED WITH
   1.11.2
