PATH
  remote: .
  specs:
    knod (0.9.0)

GEM
  remote: https://rubygems.org/
  specs:
    rake (10.3.1)

PLATFORMS
  ruby

DEPENDENCIES
  knod!
  rake (~> 10)
